GEM
  remote: https://rubygems.org/
  specs:
    brakeman (5.1.2)
    racc (1.7.3)

PLATFORMS
  x86_64-darwin-20
  x86_64-linux

DEPENDENCIES
  brakeman
  racc

BUNDLED WITH
   2.6.3
