GEM
  remote: https://rubygems.org/
  specs:
    brakeman (5.1.2)

PLATFORMS
  x86_64-darwin-20
  x86_64-linux

DEPENDENCIES
  brakeman

BUNDLED WITH
   2.2.32
